PATH
  remote: .
  specs:
    shaf_client (0.7.1)
      faraday (~> 1.0)
      faraday-http-cache (~> 2.0)

GEM
  remote: https://rubygems.org/
  specs:
    faraday (1.3.0)
      faraday-net_http (~> 1.0)
      multipart-post (>= 1.2, < 3)
      ruby2_keywords
    faraday-http-cache (2.2.0)
      faraday (>= 0.8)
    faraday-net_http (1.0.1)
    minitest (5.14.1)
    minitest-hooks (1.5.0)
      minitest (> 5.3)
    multipart-post (2.1.1)
    rake (13.0.1)
    ruby2_keywords (0.0.4)

PLATFORMS
  ruby

DEPENDENCIES
  minitest (~> 5, >= 5.14)
  minitest-hooks
  rake (~> 13.0)
  shaf_client!

BUNDLED WITH
   1.17.3
