PATH
  remote: .
  specs:
    shaf_client (0.2.1)
      faraday (~> 0.15)

GEM
  remote: https://rubygems.org/
  specs:
    faraday (0.15.4)
      multipart-post (>= 1.2, < 3)
    minitest (5.11.3)
    multipart-post (2.0.0)
    rake (12.3.2)

PLATFORMS
  ruby

DEPENDENCIES
  minitest (~> 5, >= 5.10)
  rake (~> 12.0)
  shaf_client!

BUNDLED WITH
   1.17.2
